GEM
  remote: https://rubygems.org/
  specs:
    byebug (9.0.5)
    minitest (5.8.3)
    rake (10.4.2)

PLATFORMS
  ruby

DEPENDENCIES
  byebug
  minitest (~> 5.8)
  rake (~> 10.4)

BUNDLED WITH
   1.11.2
